GIT
  remote: git://github.com/collectiveidea/devise-mongo_mapper
  revision: fa2f20310e0988295adc192255d3b1cedee1b412
  specs:
    devise-mongo_mapper (0.0.1)
      devise (~> 1.1.0)

GIT
  remote: git://github.com/jnunemaker/mongomapper
  revision: de8f8f3171f687f8d65b87ba7c7d3b1cb6e3bbe6
  branch: rails3
  specs:
    mongo_mapper (0.8.6)
      activemodel (~> 3.0.0)
      activesupport (~> 3.0.0)
      plucky (~> 0.3.6)

GIT
  remote: git://github.com/koppen/hassle.git
  revision: a08c757bce033cebc7ef8a4a3a831127afcb956a
  specs:
    hassle (0.0.1)
      haml
      rack

GEM
  remote: http://rubygems.org/
  specs:
    ZenTest (4.4.2)
    abstract (1.0.0)
    actionmailer (3.0.0)
      actionpack (= 3.0.0)
      mail (~> 2.2.5)
    actionpack (3.0.0)
      activemodel (= 3.0.0)
      activesupport (= 3.0.0)
      builder (~> 2.1.2)
      erubis (~> 2.6.6)
      i18n (~> 0.4.1)
      rack (~> 1.2.1)
      rack-mount (~> 0.6.12)
      rack-test (~> 0.5.4)
      tzinfo (~> 0.3.23)
    activemodel (3.0.0)
      activesupport (= 3.0.0)
      builder (~> 2.1.2)
      i18n (~> 0.4.1)
    activerecord (3.0.0)
      activemodel (= 3.0.0)
      activesupport (= 3.0.0)
      arel (~> 1.0.0)
      tzinfo (~> 0.3.23)
    activeresource (3.0.0)
      activemodel (= 3.0.0)
      activesupport (= 3.0.0)
    activesupport (3.0.0)
    alias (0.2.2)
    archive-tar-minitar (0.5.2)
    arel (1.0.1)
      activesupport (~> 3.0.0)
    autotest (4.4.6)
      ZenTest (>= 4.4.1)
    awesome_print (0.3.1)
    bcrypt-ruby (2.1.3)
    boson (0.3.2)
      alias (>= 0.2.2)
      hirb (>= 0.3.5)
    bson (1.1.5)
    bson_ext (1.1.5)
    builder (2.1.2)
    capybara (0.4.0)
      celerity (>= 0.7.9)
      culerity (>= 0.2.4)
      mime-types (>= 1.16)
      nokogiri (>= 1.3.3)
      rack (>= 1.0.0)
      rack-test (>= 0.5.4)
      selenium-webdriver (>= 0.0.27)
      xpath (~> 0.1.2)
    celerity (0.8.6)
    childprocess (0.1.6)
      ffi (~> 0.6.3)
    clipboard (0.9.3)
      zucker (>= 8)
    closure-compiler (0.3.3)
    coderay (0.9.6)
    columnize (0.3.2)
    compass (0.10.6)
      haml (>= 3.0.4)
    configuration (1.2.0)
    culerity (0.2.13)
    daemons (1.0.10)
    database_cleaner (0.6.0)
    devise (1.1.3)
      bcrypt-ruby (~> 2.1.2)
      warden (~> 0.10.7)
    diff-lcs (1.1.2)
    erubis (2.6.6)
      abstract (>= 1.0.0)
    evergreen (0.4.0)
      capybara (~> 0.4.0)
      json_pure (>= 1.0.0)
      launchy (>= 0.3.5)
      sinatra (>= 1.1)
    fancy_irb (0.6.2)
      wirble
    ffi (0.6.3)
      rake (>= 0.8.7)
    g (1.4.0)
      ruby-growl (>= 1.0.1)
    gem_plugin (0.2.3)
    guessmethod (0.2.1)
      rake (>= 0.7)
    haml (3.0.18)
    haml-rails (0.3.4)
      actionpack (~> 3.0)
      activesupport (~> 3.0)
      haml (~> 3.0)
      railties (~> 3.0)
    heroku (1.15.1)
      json_pure (>= 1.2.0, < 1.5.0)
      launchy (~> 0.3.2)
      rest-client (>= 1.4.0, < 1.7.0)
    heroku_plus (1.1.0)
      heroku (>= 1.9.0)
    hirb (0.3.5)
    hpricot (0.8.2)
    i18n (0.4.2)
    interactive_editor (0.0.6)
      spoon (>= 0.0.1)
    irbtools (0.8.3)
      awesome_print (~> 0.3)
      boson (~> 0.3)
      clipboard (>= 0.9.3)
      coderay (~> 0.9)
      fancy_irb (>= 0.6.2)
      g
      guessmethod
      hirb (~> 0.3)
      interactive_editor
      sketches
      wirble
      zucker (>= 8)
    jammit (0.5.4)
      closure-compiler (>= 0.1.0)
      yui-compressor (>= 0.9.1)
    jquery-rails (0.2.6)
      rails (~> 3.0)
      thor (~> 0.14.4)
    json_pure (1.4.6)
    launchy (0.3.7)
      configuration (>= 0.0.5)
      rake (>= 0.8.1)
    linecache19 (0.5.11)
      ruby_core_source (>= 0.1.4)
    mail (2.2.13)
      activesupport (>= 2.3.6)
      i18n (>= 0.4.0)
      mime-types (~> 1.16)
      treetop (~> 1.4.8)
    mime-types (1.16)
    mongo (1.1.5)
      bson (>= 1.1.5)
    mongrel (1.2.0.pre2)
      daemons (~> 1.0.10)
      gem_plugin (~> 0.2.3)
    nokogiri (1.4.4)
    plucky (0.3.6)
      mongo (~> 1.1)
    polyglot (0.3.1)
    rack (1.2.1)
    rack-mount (0.6.13)
      rack (>= 1.0.0)
    rack-test (0.5.6)
      rack (>= 1.0)
    rails (3.0.0)
      actionmailer (= 3.0.0)
      actionpack (= 3.0.0)
      activerecord (= 3.0.0)
      activeresource (= 3.0.0)
      activesupport (= 3.0.0)
      bundler (~> 1.0.0)
      railties (= 3.0.0)
    rails3-generators (0.17.0)
      railties (>= 3.0.0)
    railties (3.0.0)
      actionpack (= 3.0.0)
      activesupport (= 3.0.0)
      rake (>= 0.8.4)
      thor (~> 0.14.0)
    rake (0.8.7)
    responders (0.6.2)
    rest-client (1.6.1)
      mime-types (>= 1.16)
    rmagick (2.13.1)
    rqrcode (0.3.2)
    rspec (2.3.0)
      rspec-core (~> 2.3.0)
      rspec-expectations (~> 2.3.0)
      rspec-mocks (~> 2.3.0)
    rspec-core (2.3.1)
    rspec-expectations (2.3.0)
      diff-lcs (~> 1.1.2)
    rspec-mocks (2.3.0)
    rspec-rails (2.3.1)
      actionpack (~> 3.0)
      activesupport (~> 3.0)
      railties (~> 3.0)
      rspec (~> 2.3.0)
    ruby-debug-base19 (0.11.24)
      columnize (>= 0.3.1)
      linecache19 (>= 0.5.11)
      ruby_core_source (>= 0.1.4)
    ruby-debug19 (0.11.6)
      columnize (>= 0.3.1)
      linecache19 (>= 0.5.11)
      ruby-debug-base19 (>= 0.11.19)
    ruby-growl (3.0)
    ruby_core_source (0.1.4)
      archive-tar-minitar (>= 0.5.2)
    ruby_parser (2.0.5)
      sexp_processor (~> 3.0)
    rubyzip (0.9.4)
    selenium-webdriver (0.1.2)
      childprocess (~> 0.1.5)
      ffi (~> 0.6.3)
      json_pure
      rubyzip
    sexp_processor (3.0.5)
    simple_form (1.3.0)
      rails (~> 3.0.0)
    simplecov (0.3.7)
      simplecov-html (>= 0.3.7)
    simplecov-html (0.3.9)
    sinatra (1.1.2)
      rack (~> 1.1)
      tilt (~> 1.2)
    sketches (0.1.1)
    spoon (0.0.1)
    steak (1.0.1)
      rspec (>= 1.3)
    thor (0.14.6)
    tilt (1.2.1)
    treetop (1.4.9)
      polyglot (>= 0.3.1)
    tzinfo (0.3.23)
    warden (0.10.7)
      rack (>= 1.0.0)
    wirble (0.1.3)
    xpath (0.1.2)
      nokogiri (~> 1.3)
    yui-compressor (0.9.1)
    zucker (8)

PLATFORMS
  ruby

DEPENDENCIES
  autotest
  bson_ext (= 1.1.5)
  capybara
  compass
  database_cleaner
  devise (= 1.1.3)
  devise-mongo_mapper!
  evergreen (= 0.4.0)
  haml
  haml-rails
  hassle!
  heroku
  heroku_plus
  hpricot (= 0.8.2)
  irbtools
  jammit
  jquery-rails
  mongo (= 1.1.5)
  mongo_mapper!
  mongrel (= 1.2.0.pre2)
  rails (= 3.0.0)
  rails3-generators
  responders (= 0.6.2)
  rmagick (>= 2.0.0)
  rqrcode
  rspec
  rspec-rails
  ruby-debug19
  ruby_parser (= 2.0.5)
  simple_form
  simplecov
  steak
